GEM
  remote: http://rubygems.org/
  specs:
    archive-tar-minitar (0.5.2)
    asunit4 (4.2.2.pre)
    flashsdk (1.0.23.pre)
      sprout (>= 1.1.8.pre)
    open4 (1.0.1)
    rake (13.0.1)
    rubyzip (0.9.4)
    sprout (1.1.10.pre)
      archive-tar-minitar (= 0.5.2)
      bundler (>= 0.9.19)
      open4 (>= 0.9.6)
      rake (>= 0.8.7)
      rubyzip (= 0.9.4)

PLATFORMS
  ruby

DEPENDENCIES
  asunit4 (>= 4.2.2.pre)
  flashsdk (>= 1.0.0.pre)
